GIT
  remote: git://github.com/michaek/semantic_menu.git
  revision: 5298f586467cc9a91e85befcca673b8406c8846f
  specs:
    semantic_menu (0.1.0)

GIT
  remote: https://github.com/bitzesty/bootstrap_form.git
  revision: 1b33bf01c7daf56bb42e3f944d745ee25d620cca
  specs:
    simple_form (1.5.0.dev)
      actionpack (~> 3.0)
      activemodel (~> 3.0)

GEM
  remote: http://rubygems.org/
  specs:
    Ascii85 (1.0.2)
    actionmailer (3.1.11)
      actionpack (= 3.1.11)
      mail (~> 2.3.3)
    actionpack (3.1.11)
      activemodel (= 3.1.11)
      activesupport (= 3.1.11)
      builder (~> 3.0.0)
      erubis (~> 2.7.0)
      i18n (~> 0.6)
      rack (~> 1.3.6)
      rack-cache (~> 1.2)
      rack-mount (~> 0.8.2)
      rack-test (~> 0.6.1)
      sprockets (~> 2.0.4)
    activemodel (3.1.11)
      activesupport (= 3.1.11)
      builder (~> 3.0.0)
      i18n (~> 0.6)
    activerecord (3.1.11)
      activemodel (= 3.1.11)
      activesupport (= 3.1.11)
      arel (~> 2.2.3)
      tzinfo (~> 0.3.29)
    activeresource (3.1.11)
      activemodel (= 3.1.11)
      activesupport (= 3.1.11)
    activesupport (3.1.11)
      multi_json (~> 1.0)
    addressable (2.3.5)
    afm (0.2.0)
    arel (2.2.3)
    attr_required (0.0.5)
    bcrypt-ruby (3.1.2)
    better_errors (0.9.0)
      coderay (>= 1.0.0)
      erubis (>= 2.6.6)
    binding_of_caller (0.7.2)
      debug_inspector (>= 0.0.1)
    bson (1.9.2)
    bson_ext (1.9.2)
      bson (~> 1.9.2)
    builder (3.0.4)
    cancan (1.6.10)
    capybara (2.1.0)
      mime-types (>= 1.16)
      nokogiri (>= 1.3.3)
      rack (>= 1.0.0)
      rack-test (>= 0.5.4)
      xpath (~> 2.0)
    coderay (1.1.0)
    coffee-rails (3.1.1)
      coffee-script (>= 2.2.0)
      railties (~> 4.0.0)
    coffee-script (2.2.0)
      coffee-script-source
      execjs
    coffee-script-source (1.6.3)
    colorize (0.5.8)
    coveralls (0.6.7)
      colorize
      multi_json (~> 1.3)
      rest-client
      simplecov (>= 0.7)
      thor
    cucumber (1.3.6)
      builder (>= 2.1.2)
      diff-lcs (>= 1.1.3)
      gherkin (~> 2.12.0)
      multi_json (~> 1.7.5)
      multi_test (>= 0.0.2)
    cucumber-rails (1.4.0)
      capybara (>= 1.1.2)
      cucumber (>= 1.2.0)
      nokogiri (>= 1.5.0)
      rails (>= 3.0.0)
    database_cleaner (1.1.1)
    debug_inspector (0.0.2)
    devise (2.2.7)
      bcrypt-ruby (~> 3.0)
      orm_adapter (~> 0.1)
      railties (~> 3.1)
      warden (~> 1.2.1)
    diff-lcs (1.2.4)
    erubis (2.7.0)
    execjs (2.0.1)
    fabrication (2.7.2)
    faker (1.2.0)
      i18n (~> 0.5)
    faraday (0.8.8)
      multipart-post (~> 1.2.0)
    fb_graph (2.7.8)
      httpclient (>= 2.2.0.2)
      multi_json (>= 1.3)
      rack-oauth2 (>= 0.14.4)
      tzinfo
    gherkin (2.12.1)
      multi_json (~> 1.3)
    hackety_hack-lessons (1.1.2)
      metadown
    haml (4.0.3)
      tilt
    haml-rails (0.4)
      actionpack (>= 3.1, < 4.1)
      activesupport (>= 3.1, < 4.1)
      haml (>= 3.1, < 4.1)
      railties (>= 3.1, < 4.1)
    has_scope (0.5.1)
    hashery (2.1.1)
    hashie (2.0.5)
    hike (1.2.3)
    httpauth (0.2.0)
    httpclient (2.3.4.1)
    i18n (0.6.5)
    inherited_resources (1.4.0)
      has_scope (~> 0.5.0)
      responders (~> 0.9)
    jquery-rails (3.0.4)
      railties (>= 3.0, < 5.0)
      thor (>= 0.14, < 2.0)
    json (1.8.0)
    jwt (0.1.8)
      multi_json (>= 1.5)
    kgio (2.8.0)
    launchy (2.3.0)
      addressable (~> 2.3)
    letter_opener (1.1.2)
      launchy (~> 2.2)
    mail (2.3.3)
      i18n (>= 0.4.0)
      mime-types (~> 1.16)
      treetop (~> 1.4.8)
    metaclass (0.0.1)
    metadown (1.0.1)
      redcarpet
    method_source (0.8.2)
    mime-types (1.25)
    mini_portile (0.5.1)
    mm-devise (2.0)
      devise (>= 1.2)
      mongo_mapper (>= 0.9.0)
    mocha (0.14.0)
      metaclass (~> 0.0.1)
    mongo (1.9.2)
      bson (~> 1.9.2)
    mongo_mapper (0.12.0)
      activemodel (~> 3.0)
      activesupport (~> 3.0)
      plucky (~> 0.5.2)
    multi_json (1.7.9)
    multi_test (0.0.2)
    multipart-post (1.2.0)
    nokogiri (1.6.0)
      mini_portile (~> 0.5.0)
    oauth (0.4.7)
    oauth2 (0.8.1)
      faraday (~> 0.8)
      httpauth (~> 0.1)
      jwt (~> 0.1.4)
      multi_json (~> 1.0)
      rack (~> 1.2)
    omniauth (1.1.4)
      hashie (>= 1.2, < 3)
      rack
    omniauth-facebook (1.4.1)
      omniauth-oauth2 (~> 1.1.0)
    omniauth-github (1.1.1)
      omniauth (~> 1.0)
      omniauth-oauth2 (~> 1.1)
    omniauth-linkedin (0.1.0)
      omniauth-oauth (~> 1.0)
    omniauth-oauth (1.0.1)
      oauth
      omniauth (~> 1.0)
    omniauth-oauth2 (1.1.1)
      oauth2 (~> 0.8.0)
      omniauth (~> 1.0)
    omniauth-twitter (1.0.0)
      multi_json (~> 1.3)
      omniauth-oauth (~> 1.0)
    omniauth-yahoo (0.0.4)
      omniauth-oauth (~> 1.0)
    orm_adapter (0.4.0)
    pdf-reader (1.3.3)
      Ascii85 (~> 1.0.0)
      afm (~> 0.2.0)
      hashery (~> 2.0)
      ruby-rc4
      ttfunk
    pg (0.16.0)
    plucky (0.5.2)
      mongo (~> 1.5)
    polyglot (0.3.3)
    prawn (0.12.0)
      pdf-reader (>= 0.9.0)
      ttfunk (~> 1.0.2)
    pry (0.9.6)
      coderay (>= 0.9.8)
      method_source (>= 0.6.5)
      ruby_parser (>= 2.0.5)
      slop (~> 2.1.0)
    rack (1.3.10)
    rack-cache (1.2)
      rack (>= 0.4)
    rack-mount (0.8.3)
      rack (>= 1.0.0)
    rack-oauth2 (1.0.5)
      activesupport (>= 2.3)
      attr_required (>= 0.0.5)
      httpclient (>= 2.2.0.2)
      multi_json (>= 1.3.6)
      rack (>= 1.1)
    rack-ssl (1.3.3)
      rack
    rack-test (0.6.2)
      rack (>= 1.0)
    rails (3.1.11)
      actionmailer (= 3.1.11)
      actionpack (= 3.1.11)
      activerecord (= 3.1.11)
      activeresource (= 3.1.11)
      activesupport (= 3.1.11)
      bundler (~> 1.0)
      railties (= 3.1.11)
    railties (3.1.11)
      actionpack (= 3.1.11)
      activesupport (= 3.1.11)
      rack-ssl (~> 1.3.2)
      rake (>= 0.8.7)
      rdoc (~> 3.4)
      thor (~> 0.14.6)
    raindrops (0.12.0)
    rake (10.1.0)
    rdiscount (2.1.6)
    rdoc (3.12.2)
      json (~> 1.4)
    redcarpet (3.0.0)
    responders (0.9.3)
      railties (~> 3.1)
    rest-client (1.6.7)
      mime-types (>= 1.16)
    rspec-core (2.14.5)
    rspec-expectations (2.14.2)
      diff-lcs (>= 1.1.3, < 2.0)
    rspec-mocks (2.14.3)
    rspec-rails (2.14.0)
      actionpack (>= 3.0)
      activesupport (>= 3.0)
      railties (>= 3.0)
      rspec-core (~> 2.14.0)
      rspec-expectations (~> 2.14.0)
      rspec-mocks (~> 2.14.0)
    ruby-rc4 (0.1.5)
    ruby_parser (3.2.2)
      sexp_processor (~> 4.1)
    sass (3.2.10)
    sass-rails (3.1.7)
      actionpack (~> 3.1.0)
      railties (~> 3.1.0)
      sass (>= 3.1.10)
      tilt (~> 1.3.2)
    sexp_processor (4.3.0)
    simple_oauth (0.2.0)
    simplecov (0.7.1)
      multi_json (~> 1.0)
      simplecov-html (~> 0.7.1)
    simplecov-html (0.7.1)
    slop (2.1.0)
    sprockets (2.0.4)
      hike (~> 1.2)
      rack (~> 1.0)
      tilt (~> 1.1, != 1.3.0)
    sqlite3 (1.3.8)
    thor (0.14.6)
    tilt (1.3.7)
    treetop (1.4.15)
      polyglot
      polyglot (>= 0.3.1)
    ttfunk (1.0.3)
    twitter (4.8.1)
      faraday (~> 0.8, < 0.10)
      multi_json (~> 1.0)
      simple_oauth (~> 0.2)
    tzinfo (0.3.37)
    uglifier (2.2.1)
      execjs (>= 0.3.0)
      multi_json (~> 1.0, >= 1.0.2)
    unicorn (4.6.3)
      kgio (~> 2.6)
      rack
      raindrops (~> 0.7)
    warden (1.2.3)
      rack (>= 1.0)
    will_paginate (3.0.4)
    xpath (2.0.0)
      nokogiri (~> 1.3)

PLATFORMS
  ruby

DEPENDENCIES
  better_errors
  binding_of_caller
  bson_ext
  cancan
  capybara
  coffee-rails (~> 3.1.0)
  coveralls
  cucumber-rails
  database_cleaner
  devise (~> 2.2.2)
  fabrication
  faker
  fb_graph
  hackety_hack-lessons (~> 1.1)
  haml-rails
  inherited_resources
  jquery-rails
  json
  launchy
  letter_opener
  mm-devise (~> 2.0)
  mocha
  mongo_mapper
  omniauth
  omniauth-facebook
  omniauth-github
  omniauth-linkedin
  omniauth-twitter (= 1.0.0)
  omniauth-yahoo
  pg
  prawn
  pry
  rails (= 3.1.11)
  rdiscount
  rspec-rails
  sass-rails (~> 3.1.0)
  semantic_menu!
  simple_form!
  simplecov
  sqlite3
  twitter
  uglifier
  unicorn
  will_paginate
